PATH
  remote: ../../..
  specs:
    configcat (8.0.1)
      concurrent-ruby (~> 1.1)
      semantic (~> 1.6)
    configcat-openfeature-provider (0.1.0)
      configcat (~> 8.0.1)
      openfeature-sdk (~> 0.4.0)

GEM
  remote: https://rubygems.org/
  specs:
    concurrent-ruby (1.3.5)
    openfeature-sdk (0.4.0)
    semantic (1.6.1)

PLATFORMS
  x64-mingw-ucrt

DEPENDENCIES
  configcat-openfeature-provider!

BUNDLED WITH
   2.6.9
